GEM
  remote: https://rubygems.org/
  specs:
    backports (3.6.4)
    builder (3.2.2)
    daemons (1.2.2)
    dotenv (2.0.1)
    eventmachine (1.0.7)
    json (1.8.2)
    jwt (1.4.1)
    multi_json (1.11.0)
    newrelic_rpm (3.11.2.286)
    rack (1.6.0)
    rack-protection (1.5.3)
      rack
    rack-test (0.6.3)
      rack (>= 1.0)
    redis (3.2.1)
    sinatra (1.4.6)
      rack (~> 1.4)
      rack-protection (~> 1.4)
      tilt (>= 1.3, < 3)
    sinatra-contrib (1.4.2)
      backports (>= 2.0)
      multi_json
      rack-protection
      rack-test
      sinatra (~> 1.4.0)
      tilt (~> 1.3)
    slackbotsy (0.2.3)
      json
      sinatra
    thin (1.6.3)
      daemons (~> 1.0, >= 1.0.9)
      eventmachine (~> 1.0)
      rack (~> 1.0)
    tilt (1.4.1)
    twilio-ruby (3.16.1)
      builder (>= 2.1.2)
      jwt (~> 1.0)
      multi_json (>= 1.3.0)

PLATFORMS
  ruby

DEPENDENCIES
  dotenv
  newrelic_rpm
  redis (~> 3.2)
  sinatra
  sinatra-contrib
  slackbotsy
  thin
  twilio-ruby
